PATH
  remote: .
  specs:
    prawn-labels (1.2.4)
      prawn (>= 2.1.0, < 3.0.0)

GEM
  remote: https://rubygems.org/
  specs:
    matrix (0.4.2)
    minitest (5.8.3)
    pdf-core (0.6.1)
    prawn (2.1.0)
      pdf-core (~> 0.6.1)
      ttfunk (~> 1.4.0)
    purdytest (2.0.0)
      minitest (~> 5.5)
    ttfunk (1.4.0)

PLATFORMS
  ruby

DEPENDENCIES
  matrix
  minitest
  prawn-labels!
  purdytest

BUNDLED WITH
   2.4.1
